GEM
  remote: https://rubygems.org/
  specs:
    json (1.8.3)
    pg (0.18.1)
    rack (1.5.5)
    rethinkdb (2.1.0.2)
      json

PLATFORMS
  ruby

DEPENDENCIES
  pg
  rack (< 1.6)
  rethinkdb
